GEM
  remote: https://rubygems.org/
  specs:
    thor (1.2.1)

PLATFORMS
  arm64-darwin-21

DEPENDENCIES
  thor

BUNDLED WITH
   2.3.4
