GEM
  remote: https://rubygems.org/
  specs:
    diff-lcs (1.5.0)
    docx (0.6.2)
      nokogiri (~> 1.10, >= 1.10.4)
      rubyzip (~> 2.0)
    nokogiri (1.13.3-aarch64-linux)
      racc (~> 1.4)
    nokogiri (1.13.3-arm64-darwin)
      racc (~> 1.4)
    nokogiri (1.13.3-x86_64-linux)
      racc (~> 1.4)
    racc (1.6.0)
    rspec (3.11.0)
      rspec-core (~> 3.11.0)
      rspec-expectations (~> 3.11.0)
      rspec-mocks (~> 3.11.0)
    rspec-core (3.11.0)
      rspec-support (~> 3.11.0)
    rspec-expectations (3.11.0)
      diff-lcs (>= 1.2.0, < 2.0)
      rspec-support (~> 3.11.0)
    rspec-mocks (3.11.0)
      diff-lcs (>= 1.2.0, < 2.0)
      rspec-support (~> 3.11.0)
    rspec-support (3.11.0)
    rubyzip (2.3.2)
    thor (1.2.1)

PLATFORMS
  aarch64-linux
  arm64-darwin-21
  x86_64-linux

DEPENDENCIES
  docx
  rspec
  thor

BUNDLED WITH
   2.3.4
